GEM
  remote: http://artifactory.blinkbox.local/artifactory/api/gems/bbb-gems/
  remote: http://artifactory.blinkbox.local/artifactory/api/gems/rubygems/
  specs:
    CFPropertyList (2.2.8)
    activesupport (4.1.5)
      i18n (~> 0.6, >= 0.6.9)
      json (~> 1.7, >= 1.7.7)
      minitest (~> 5.1)
      thread_safe (~> 0.1)
      tzinfo (~> 1.1)
    activesupport-inflector (0.1.0)
    blinkbox-user (0.3.0)
      http_capture
      httparty
      multi_json
    builder (3.2.2)
    calabash-cucumber (0.9.113)
      CFPropertyList
      bundler (~> 1.1)
      cucumber
      httpclient (~> 2.2)
      json
      location-one (~> 0.0.7)
      sim_launcher (= 0.4.6)
      slowhandcuke
    cucumber (1.3.16)
      builder (>= 2.1.2)
      diff-lcs (>= 1.1.3)
      gherkin (~> 2.12)
      multi_json (>= 1.7.5, < 2.0)
      multi_test (>= 0.1.1)
    cucumber-blinkbox (0.3.1)
      activesupport (>= 4.0)
      cucumber (~> 1.3)
      http_capture
      httpclient
    cuporter (0.3.14)
      gherkin (>= 1.0.0)
      nokogiri (>= 1.4.1)
    diff-lcs (1.2.5)
    geocoder (1.2.4)
    gherkin (2.12.2)
      multi_json (~> 1.3)
    http_capture (0.2.0)
    httparty (0.13.1)
      json (~> 1.8)
      multi_xml (>= 0.5.2)
    httpclient (2.4.0)
    i18n (0.6.11)
    json (1.8.1)
    location-one (0.0.7)
      geocoder (~> 1.1)
      httpclient (~> 2.2)
      json
    mini_portile (0.6.0)
    minitest (5.4.1)
    multi_json (1.10.1)
    multi_test (0.1.1)
    multi_xml (0.5.5)
    nokogiri (1.6.3.1)
      mini_portile (= 0.6.0)
    rack (1.5.2)
    rack-protection (1.5.3)
      rack
    rake (10.3.2)
    require_all (1.3.2)
    rspec (3.0.0)
      rspec-core (~> 3.0.0)
      rspec-expectations (~> 3.0.0)
      rspec-mocks (~> 3.0.0)
    rspec-core (3.0.4)
      rspec-support (~> 3.0.0)
    rspec-expectations (3.0.4)
      diff-lcs (>= 1.2.0, < 2.0)
      rspec-support (~> 3.0.0)
    rspec-mocks (3.0.4)
      rspec-support (~> 3.0.0)
    rspec-support (3.0.4)
    sim_launcher (0.4.6)
      sinatra
    sinatra (1.4.5)
      rack (~> 1.4)
      rack-protection (~> 1.4)
      tilt (~> 1.3, >= 1.3.4)
    slowhandcuke (0.0.3)
      cucumber
    sys-proctable (0.9.4)
    thread_safe (0.3.4)
    tilt (1.4.1)
    tzinfo (1.2.2)
      thread_safe (~> 0.1)

PLATFORMS
  ruby

DEPENDENCIES
  activesupport
  activesupport-inflector
  blinkbox-user
  calabash-cucumber
  cucumber
  cucumber-blinkbox
  cuporter
  httparty
  json
  multi_json
  rake
  require_all
  rspec
  sys-proctable
